GEM
  remote: http://rubygems.org/
  specs:
    json (1.8.3)
    mini_portile (0.6.2)
    newrelic_plugin (1.3.1)
      json
    nokogiri (1.6.6.2)
      mini_portile (~> 0.6.0)

PLATFORMS
  ruby

DEPENDENCIES
  newrelic_plugin
  nokogiri
